PATH
  remote: .
  specs:
    te_rex (0.0.11)
      fast-stemmer (~> 1.0, >= 1.0.2)

GEM
  remote: https://rubygems.org/
  specs:
    binding_of_caller (0.7.2)
      debug_inspector (>= 0.0.1)
    coderay (1.1.0)
    debug_inspector (0.0.2)
    fast-stemmer (1.0.2)
    interception (0.5)
    method_source (0.8.2)
    micro_test (0.4.4)
      os
    os (0.9.6)
    pry (0.10.1)
      coderay (~> 1.1.0)
      method_source (~> 0.8.1)
      slop (~> 3.4)
    pry-rescue (1.4.1)
      interception (>= 0.5)
      pry
    pry-stack_explorer (0.4.9.1)
      binding_of_caller (>= 0.7)
      pry (>= 0.9.11)
    rake (10.3.2)
    slop (3.6.0)

PLATFORMS
  ruby

DEPENDENCIES
  bundler (~> 1.5, >= 1.5.3)
  micro_test (~> 0.4, >= 0.4.4)
  pry (~> 0.10, >= 0.10.1)
  pry-rescue (~> 1.4, >= 1.4.1)
  pry-stack_explorer (~> 0.4, >= 0.4.9.1)
  rake (~> 10.3, >= 10.3.2)
  te_rex!
